PATH
  remote: .
  specs:
    tensorflow (0.0.1)

GEM
  remote: https://rubygems.org/
  specs:
    ast (2.2.0)
    byebug (9.0.5)
    coderay (1.1.1)
    diff-lcs (1.2.5)
    google-protoc (3.0.0.alpha.6.0.0)
    method_source (0.8.2)
    narray (0.6.1.2)
    parser (2.3.1.2)
      ast (~> 2.2)
    powerpack (0.1.1)
    pry (0.10.3)
      coderay (~> 1.1.0)
      method_source (~> 0.8.1)
      slop (~> 3.4)
    rainbow (2.0.0)
    rake (10.5.0)
    rspec (3.4.0)
      rspec-core (~> 3.4.0)
      rspec-expectations (~> 3.4.0)
      rspec-mocks (~> 3.4.0)
    rspec-core (3.4.2)
      rspec-support (~> 3.4.0)
    rspec-expectations (3.4.0)
      diff-lcs (>= 1.2.0, < 2.0)
      rspec-support (~> 3.4.0)
    rspec-mocks (3.4.1)
      diff-lcs (>= 1.2.0, < 2.0)
      rspec-support (~> 3.4.0)
    rspec-support (3.4.1)
    rubocop (0.40.0)
      parser (>= 2.3.1.0, < 3.0)
      powerpack (~> 0.1)
      rainbow (>= 1.99.1, < 3.0)
      ruby-progressbar (~> 1.7)
      unicode-display_width (~> 1.0, >= 1.0.1)
    ruby-progressbar (1.7.5)
    slop (3.6.0)
    unicode-display_width (1.0.5)
    yard (0.8.7.6)

PLATFORMS
  ruby

DEPENDENCIES
  bundler (~> 1.8, >= 1.8.4)
  byebug
  google-protoc
  narray
  pry
  rake (~> 10.0)
  rspec (~> 3.0)
  rubocop
  tensorflow!
  yard

BUNDLED WITH
   1.12.5
